GEM
  remote: http://rubygems.org/
  specs:
    faker (1.0.1)
      i18n (~> 0.4)
    i18n (0.6.0)
    sequel (3.33.0)

PLATFORMS
  ruby

DEPENDENCIES
  faker
  sequel
